GIT
  remote: git://github.com/Jesterovskiy/lita-telegram.git
  revision: 0855a6ef239ec5aad98e80635ab953ebcd360874
  specs:
    lita-telegram (0.1.0)
      lita (>= 4.5)
      telegram-bot-ruby

PATH
  remote: lita-quest
  specs:
    lita-quest (0.1.0)
      dotenv (~> 2.1.1)
      lita (>= 4.7)
      pg (~> 0.18.4)
      sequel (~> 4.37.0)

GEM
  remote: https://rubygems.org/
  specs:
    axiom-types (0.1.1)
      descendants_tracker (~> 0.0.4)
      ice_nine (~> 0.11.0)
      thread_safe (~> 0.3, >= 0.3.1)
    byebug (9.1.0)
    coderay (1.1.2)
    coercible (1.0.0)
      descendants_tracker (~> 0.0.1)
    concurrent-ruby (1.0.5)
    descendants_tracker (0.0.4)
      thread_safe (~> 0.3, >= 0.3.1)
    dotenv (2.1.2)
    equalizer (0.0.11)
    faraday (0.13.1)
      multipart-post (>= 1.2, < 3)
    http_router (0.11.2)
      rack (>= 1.0.0)
      url_mount (~> 0.2.1)
    i18n (0.9.1)
      concurrent-ruby (~> 1.0)
    ice_nine (0.11.2)
    inflecto (0.0.2)
    lita (4.7.1)
      bundler (>= 1.3)
      faraday (>= 0.8.7)
      http_router (>= 0.11.2)
      i18n (>= 0.6.9)
      ice_nine (>= 0.11.0)
      multi_json (>= 1.7.7)
      puma (>= 2.7.1)
      rack (>= 1.5.2, < 2.0.0)
      rb-readline (>= 0.5.1)
      redis-namespace (>= 1.3.0)
      thor (>= 0.18.1)
    method_source (0.9.0)
    multi_json (1.12.2)
    multipart-post (2.0.0)
    pg (0.18.4)
    pry (0.11.3)
      coderay (~> 1.1.0)
      method_source (~> 0.9.0)
    pry-byebug (3.5.1)
      byebug (~> 9.1)
      pry (~> 0.10)
    puma (3.11.0)
    rack (1.6.8)
    rb-readline (0.5.5)
    redis (4.0.1)
    redis-namespace (1.6.0)
      redis (>= 3.0.4)
    sequel (4.37.0)
    telegram-bot-ruby (0.8.6)
      faraday
      inflecto
      virtus
    thor (0.20.0)
    thread_safe (0.3.6)
    url_mount (0.2.1)
      rack
    virtus (1.0.5)
      axiom-types (~> 0.1)
      coercible (~> 1.0)
      descendants_tracker (~> 0.0, >= 0.0.3)
      equalizer (~> 0.0, >= 0.0.9)

PLATFORMS
  ruby

DEPENDENCIES
  dotenv
  lita
  lita-quest!
  lita-telegram!
  pry-byebug

RUBY VERSION
   ruby 2.4.2p198

BUNDLED WITH
   1.16.0
